PATH
  remote: .
  specs:
    capistrano-s3-copy (0.0.4)
      capistrano (>= 2.12.0)
      frahugo-s3sync

GEM
  remote: https://rubygems.org/
  specs:
    capistrano (2.13.5)
      highline
      net-scp (>= 1.0.0)
      net-sftp (>= 2.0.0)
      net-ssh (>= 2.0.14)
      net-ssh-gateway (>= 1.1.0)
    frahugo-s3sync (1.3.8)
    highline (1.6.15)
    net-scp (1.0.4)
      net-ssh (>= 1.99.1)
    net-sftp (2.0.5)
      net-ssh (>= 2.0.9)
    net-ssh (2.6.2)
    net-ssh-gateway (1.1.0)
      net-ssh (>= 1.99.1)

PLATFORMS
  ruby

DEPENDENCIES
  capistrano-s3-copy!
